PATH
  remote: .
  specs:
    splendor (0.1.7)

GEM
  remote: https://rubygems.org/
  specs:
    minitest (5.11.3)
    rake (12.3.3)

PLATFORMS
  ruby

DEPENDENCIES
  bundler (~> 1.16)
  minitest (~> 5.0)
  rake (~> 12.3)
  splendor!

BUNDLED WITH
   1.17.3
